GIT
  remote: git://github.com/akinobu-tani/kitchen-ansible.git
  revision: f200dd8d3849ce13c9e069127ec1c0c11b2d62b4
  specs:
    kitchen-ansible (0.47.1)
      net-ssh (>= 3)
      test-kitchen (~> 1.4)

GIT
  remote: git://github.com/akinobu-tani/kitchen-verifier-serverspec.git
  revision: d2deb5b9b1333ef176198bf8a386ce7018dd1de6
  specs:
    kitchen-verifier-serverspec (0.6.8)
      net-ssh (>= 3)
      test-kitchen (~> 1.4)

GEM
  remote: https://rubygems.org/
  specs:
    addressable (2.4.0)
    artifactory (2.8.2)
    backports (3.8.0)
    backticks (1.0.0)
    diff-lcs (1.3)
    docker (0.4.0)
      backticks (~> 1.0.0)
    ethon (0.10.1)
      ffi (>= 1.3.0)
    faraday (0.12.1)
      multipart-post (>= 1.2, < 3)
    faraday_middleware (0.11.0.1)
      faraday (>= 0.7.4, < 1.0)
    ffi (1.9.18)
    gh (0.15.1)
      addressable (~> 2.4.0)
      backports
      faraday (~> 0.8)
      multi_json (~> 1.0)
      net-http-persistent (~> 2.9)
      net-http-pipeline
    highline (1.7.8)
    json (2.1.0)
    kitchen-docker (2.6.0)
      test-kitchen (>= 1.0.0)
    launchy (2.4.3)
      addressable (~> 2.3)
    mixlib-install (2.1.12)
      artifactory
      mixlib-shellout
      mixlib-versioning
      thor
    mixlib-shellout (2.2.7)
    mixlib-versioning (1.1.0)
    multi_json (1.12.1)
    multipart-post (2.0.0)
    net-http-persistent (2.9.4)
    net-http-pipeline (1.0.1)
    net-scp (1.2.1)
      net-ssh (>= 2.6.5)
    net-ssh (4.1.0)
    net-ssh-gateway (1.3.0)
      net-ssh (>= 2.6.5)
    net-telnet (0.1.1)
    pusher-client (0.6.2)
      json
      websocket (~> 1.0)
    rspec (3.6.0)
      rspec-core (~> 3.6.0)
      rspec-expectations (~> 3.6.0)
      rspec-mocks (~> 3.6.0)
    rspec-core (3.6.0)
      rspec-support (~> 3.6.0)
    rspec-expectations (3.6.0)
      diff-lcs (>= 1.2.0, < 2.0)
      rspec-support (~> 3.6.0)
    rspec-its (1.2.0)
      rspec-core (>= 3.0.0)
      rspec-expectations (>= 3.0.0)
    rspec-mocks (3.6.0)
      diff-lcs (>= 1.2.0, < 2.0)
      rspec-support (~> 3.6.0)
    rspec-support (3.6.0)
    safe_yaml (1.0.4)
    serverspec (2.39.1)
      multi_json
      rspec (~> 3.0)
      rspec-its
      specinfra (~> 2.68)
    sfl (2.3)
    specinfra (2.68.0)
      net-scp
      net-ssh (>= 2.7, < 5.0)
      net-telnet
      sfl
    test-kitchen (1.16.0)
      mixlib-install (>= 1.2, < 3.0)
      mixlib-shellout (>= 1.2, < 3.0)
      net-scp (~> 1.1)
      net-ssh (>= 2.9, < 5.0)
      net-ssh-gateway (~> 1.2)
      safe_yaml (~> 1.0)
      thor (~> 0.19, < 0.19.2)
    thor (0.19.1)
    travis (1.8.8)
      backports
      faraday (~> 0.9)
      faraday_middleware (~> 0.9, >= 0.9.1)
      gh (~> 0.13)
      highline (~> 1.6)
      launchy (~> 2.1)
      pusher-client (~> 0.4)
      typhoeus (~> 0.6, >= 0.6.8)
    typhoeus (0.8.0)
      ethon (>= 0.8.0)
    websocket (1.2.4)

PLATFORMS
  ruby

DEPENDENCIES
  docker
  kitchen-ansible!
  kitchen-docker
  kitchen-verifier-serverspec!
  serverspec
  test-kitchen
  travis

BUNDLED WITH
   1.14.5
